GEM
  remote: https://rubygems.org/
  specs:
    axiom-types (0.1.1)
      descendants_tracker (~> 0.0.4)
      ice_nine (~> 0.11.0)
      thread_safe (~> 0.3, >= 0.3.1)
    bcrypt (3.1.13)
    coderay (1.1.2)
    coercible (1.0.0)
      descendants_tracker (~> 0.0.1)
    descendants_tracker (0.0.4)
      thread_safe (~> 0.3, >= 0.3.1)
    discoverer (0.0.3)
      virtus (~> 1.0)
    equalizer (0.0.11)
    fast (0.1.4)
      metafun (>= 0.2.0)
      sub-setter (>= 0.0.2)
    ice_nine (0.11.2)
    jwt (2.2.1)
    metafun (0.2.0)
    method_source (1.0.0)
    pry (0.13.1)
      coderay (~> 1.1)
      method_source (~> 1.0)
    rack (2.2.2)
    rake (13.0.1)
    roda (3.31.0)
      rack
    rodauth (1.23.0)
      roda (>= 2.6.0)
      sequel (>= 4)
    sequel (5.31.0)
    sequel-fixture (2.0.1)
      fast
      sequel
      symbolmatrix
    sqlite (1.0.2)
    sqlite3 (1.4.2)
    sub-setter (0.0.2)
    symbolmatrix (1.2.0)
      discoverer
    thread_safe (0.3.6)
    virtus (1.0.5)
      axiom-types (~> 0.1)
      coercible (~> 1.0)
      descendants_tracker (~> 0.0, >= 0.0.3)
      equalizer (~> 0.0, >= 0.0.9)

PLATFORMS
  ruby
  x64-mingw32

DEPENDENCIES
  bcrypt
  jwt
  pry
  rake
  roda (~> 3.31)
  rodauth
  sequel
  sequel-fixture
  sqlite
  sqlite3

BUNDLED WITH
   2.1.4
