GEM
  remote: https://rubygems.org/
  specs:
    rake (13.0.1)
    sequel (5.31.0)
    sqlite (1.0.2)
    sqlite3 (1.4.2)

PLATFORMS
  ruby

DEPENDENCIES
  rake
  sequel
  sqlite
  sqlite3

BUNDLED WITH
   2.1.4
